GIT
  remote: git://github.com/mongoid/mongoid.git
  revision: f4f489e45adb0059fae6854d8a29ebb79cc6c8fd
  specs:
    mongoid (4.0.0)
      activemodel (~> 4.0)
      moped (~> 2.0.0)
      origin (~> 2.1)
      tzinfo (>= 0.3.37)

GEM
  remote: https://rubygems.org/
  specs:
    actionmailer (4.1.6)
      actionpack (= 4.1.6)
      actionview (= 4.1.6)
      mail (~> 2.5, >= 2.5.4)
    actionpack (4.1.6)
      actionview (= 4.1.6)
      activesupport (= 4.1.6)
      rack (~> 1.5.2)
      rack-test (~> 0.6.2)
    actionview (4.1.6)
      activesupport (= 4.1.6)
      builder (~> 3.1)
      erubis (~> 2.7.0)
    activemodel (4.1.6)
      activesupport (= 4.1.6)
      builder (~> 3.1)
    activerecord (4.1.6)
      activemodel (= 4.1.6)
      activesupport (= 4.1.6)
      arel (~> 5.0.0)
    activesupport (4.1.6)
      i18n (~> 0.6, >= 0.6.9)
      json (~> 1.7, >= 1.7.7)
      minitest (~> 5.1)
      thread_safe (~> 0.1)
      tzinfo (~> 1.1)
    alias (0.2.3)
    arel (5.0.1.20140414130214)
    axlsx (2.0.1)
      htmlentities (~> 4.3.1)
      nokogiri (>= 1.4.1)
      rubyzip (~> 1.0.0)
    axlsx_rails (0.2.1)
      axlsx (>= 2.0.1)
      rails (>= 3.1)
    binding.repl (1.0.4.1)
    bootstrap-sass (3.2.0.2)
      sass (~> 3.2)
    boson (1.3.0)
    boson-more (0.3.0)
      boson (>= 1.3.0)
    bson (2.3.0)
    bson_ext (1.5.1)
    builder (3.2.2)
    clipboard (1.0.5)
    coderay (1.1.0)
    coffee-rails (4.0.1)
      coffee-script (>= 2.2.0)
      railties (>= 4.0.0, < 5.0)
    coffee-script (2.3.0)
      coffee-script-source
      execjs
    coffee-script-source (1.8.0)
    connection_pool (2.0.0)
    debugging (1.0.1)
      binding.repl (~> 1)
      paint (~> 0, >= 0.8.7)
    enumerize (0.8.0)
      activesupport (>= 3.2)
    erubis (2.7.0)
    every_day_irb (1.7.0)
    execjs (2.2.2)
    fancy_irb (0.7.3)
      paint (>= 0.8.1)
      unicode-display_width (>= 0.1.1)
    fast-stemmer (1.0.2)
    ffi (1.9.6)
    g (1.7.2)
    hike (1.2.3)
    hirb (0.7.2)
    htmlentities (4.3.2)
    i18n (0.6.11)
    interactive_editor (0.0.10)
      spoon (>= 0.0.1)
    irbtools (1.7.0)
      alias (~> 0.2.3)
      binding.repl (~> 1, >= 1.0.4)
      boson (~> 1.3.0)
      boson-more (~> 0.3.0)
      clipboard (~> 1.0.5)
      coderay (~> 1.1.0)
      debugging (~> 1.0)
      every_day_irb (>= 1.7.0)
      fancy_irb (>= 0.7.3)
      g (>= 1.7.2)
      hirb (~> 0.7)
      interactive_editor (>= 0.0.10)
      method_locator (>= 0.0.4)
      method_source (>= 0.8.2)
      methodfinder (>= 1.2.5)
      ori (~> 0.1.0)
      os (~> 0.9)
      paint (>= 0.8.7)
      ruby_engine (~> 1.0)
      ruby_info (~> 1.0)
      ruby_version (~> 1.0)
      wirb (>= 1.0.3)
    jbuilder (2.2.4)
      activesupport (>= 3.0.0, < 5)
      multi_json (~> 1.2)
    jquery-rails (3.1.2)
      railties (>= 3.0, < 5.0)
      thor (>= 0.14, < 2.0)
    jquery-turbolinks (2.1.0)
      railties (>= 3.1.0)
      turbolinks
    json (1.8.1)
    mail (2.6.1)
      mime-types (>= 1.16, < 3)
    method_locator (0.0.4)
    method_source (0.8.2)
    methodfinder (2.0.0)
    mime-types (2.4.3)
    mini_portile (0.6.0)
    minitest (5.4.2)
    mongoid-sadstory (0.0.2)
      mongoid
    mongoid_search (0.3.2)
      fast-stemmer (~> 1.0.0)
      mongoid (>= 3.0.0)
    moped (2.0.1)
      bson (~> 2.2)
      connection_pool (~> 2.0)
      optionable (~> 0.2.0)
    multi_json (1.10.1)
    nokogiri (1.6.3.1)
      mini_portile (= 0.6.0)
    optionable (0.2.0)
    ori (0.1.0)
    origin (2.1.1)
    os (0.9.6)
    paint (0.8.7)
    rack (1.5.2)
    rack-test (0.6.2)
      rack (>= 1.0)
    rails (4.1.6)
      actionmailer (= 4.1.6)
      actionpack (= 4.1.6)
      actionview (= 4.1.6)
      activemodel (= 4.1.6)
      activerecord (= 4.1.6)
      activesupport (= 4.1.6)
      bundler (>= 1.3.0, < 2.0)
      railties (= 4.1.6)
      sprockets-rails (~> 2.0)
    railties (4.1.6)
      actionpack (= 4.1.6)
      activesupport (= 4.1.6)
      rake (>= 0.8.7)
      thor (>= 0.18.1, < 2.0)
    rake (10.3.2)
    rdoc (4.1.2)
      json (~> 1.4)
    ruby_engine (1.0.1)
    ruby_info (1.0.1)
    ruby_version (1.0.1)
    rubyzip (1.0.0)
    sass (3.2.19)
    sass-rails (4.0.3)
      railties (>= 4.0.0, < 5.0)
      sass (~> 3.2.0)
      sprockets (~> 2.8, <= 2.11.0)
      sprockets-rails (~> 2.0)
    sdoc (0.4.1)
      json (~> 1.7, >= 1.7.7)
      rdoc (~> 4.0)
    simple_form (3.0.2)
      actionpack (~> 4.0)
      activemodel (~> 4.0)
    spoon (0.0.4)
      ffi
    spring (1.1.3)
    sprockets (2.11.0)
      hike (~> 1.2)
      multi_json (~> 1.0)
      rack (~> 1.0)
      tilt (~> 1.1, != 1.3.0)
    sprockets-rails (2.2.0)
      actionpack (>= 3.0)
      activesupport (>= 3.0)
      sprockets (>= 2.8, < 4.0)
    thor (0.19.1)
    thread_safe (0.3.4)
    tilt (1.4.1)
    turbolinks (2.5.1)
      coffee-rails
    tzinfo (1.2.2)
      thread_safe (~> 0.1)
    uglifier (2.5.3)
      execjs (>= 0.3.0)
      json (>= 1.8.0)
    unicode-display_width (0.1.1)
    wirb (1.0.3)
      paint (~> 0.8)

PLATFORMS
  ruby

DEPENDENCIES
  axlsx_rails
  bootstrap-sass
  bson_ext
  coffee-rails (~> 4.0.0)
  enumerize
  irbtools
  jbuilder (~> 2.0)
  jquery-rails
  jquery-turbolinks
  mongoid!
  mongoid-sadstory
  mongoid_search
  rails (= 4.1.6)
  sass-rails (~> 4.0.3)
  sdoc (~> 0.4.0)
  simple_form
  spring
  turbolinks
  uglifier (>= 1.3.0)
